GEM
  remote: http://rubygems.org/
  specs:
    anemone (0.7.2)
      nokogiri (>= 1.3.0)
      robotex (>= 1.0.0)
    colorize (0.5.8)
    columnize (0.3.6)
    debugger (1.3.1)
      columnize (>= 0.3.1)
      debugger-linecache (~> 1.1.1)
      debugger-ruby_core_source (~> 1.1.8)
    debugger-linecache (1.1.2)
      debugger-ruby_core_source (>= 1.1.1)
    debugger-ruby_core_source (1.1.8)
    diff-lcs (1.1.3)
    fakeweb (1.3.0)
    git (1.2.5)
    jeweler (1.8.4)
      bundler (~> 1.0)
      git (>= 1.2.5)
      rake
      rdoc
    json (1.7.7)
    mini_portile2 (2.4.0)
    multi_json (1.6.1)
    nokogiri (1.10.8)
      mini_portile2 (~> 2.4.0)
    rake (10.0.3)
    rdoc (3.12.1)
      json (~> 1.4)
    redcarpet (2.1.1)
    robotex (1.0.0)
    rspec (2.11.0)
      rspec-core (~> 2.11.0)
      rspec-expectations (~> 2.11.0)
      rspec-mocks (~> 2.11.0)
    rspec-core (2.11.1)
    rspec-expectations (2.11.3)
      diff-lcs (~> 1.1.3)
    rspec-mocks (2.11.3)
    simplecov (0.6.4)
      multi_json (~> 1.0)
      simplecov-html (~> 0.5.3)
    simplecov-html (0.5.3)
    trollop (2.0)
    yard (0.8.2.1)

PLATFORMS
  ruby

DEPENDENCIES
  anemone (~> 0.7.2)
  colorize (~> 0.5.8)
  debugger
  fakeweb (~> 1.3.0)
  jeweler (~> 1.8.4)
  nokogiri (~> 1.10.8)
  redcarpet (~> 2.1.1)
  rspec (~> 2.11.0)
  simplecov (~> 0.6.4)
  trollop (~> 2.0)
  yard (~> 0.8.2.1)
