GEM
  remote: https://rubygems.org/
  specs:
    addressable (2.3.5)
    anemone (0.7.2)
      nokogiri (>= 1.3.0)
      robotex (>= 1.0.0)
    builder (3.2.2)
    colorize (0.5.8)
    columnize (0.3.6)
    debugger (1.6.2)
      columnize (>= 0.3.1)
      debugger-linecache (~> 1.2.0)
      debugger-ruby_core_source (~> 1.2.3)
    debugger-linecache (1.2.0)
    debugger-ruby_core_source (1.2.4)
    diff-lcs (1.1.3)
    fakeweb (1.3.0)
    faraday (0.8.8)
      multipart-post (~> 1.2.0)
    git (1.2.6)
    github_api (0.10.1)
      addressable
      faraday (~> 0.8.1)
      hashie (>= 1.2)
      multi_json (~> 1.4)
      nokogiri (~> 1.5.2)
      oauth2
    hashie (2.0.5)
    highline (1.6.20)
    httpauth (0.2.0)
    jeweler (1.8.8)
      builder
      bundler (~> 1.0)
      git (>= 1.2.5)
      github_api (= 0.10.1)
      highline (>= 1.6.15)
      nokogiri (= 1.5.10)
      rake
      rdoc
    json (1.8.1)
    jwt (0.1.8)
      multi_json (>= 1.5)
    multi_json (1.8.2)
    multi_xml (0.5.5)
    multipart-post (1.2.0)
    nokogiri (1.5.10)
    oauth2 (0.9.2)
      faraday (~> 0.8)
      httpauth (~> 0.2)
      jwt (~> 0.1.4)
      multi_json (~> 1.0)
      multi_xml (~> 0.5)
      rack (~> 1.2)
    rack (1.5.2)
    rake (10.1.0)
    rdoc (4.0.1)
      json (~> 1.4)
    redcarpet (2.1.1)
    robotex (1.0.0)
    rspec (2.11.0)
      rspec-core (~> 2.11.0)
      rspec-expectations (~> 2.11.0)
      rspec-mocks (~> 2.11.0)
    rspec-core (2.11.1)
    rspec-expectations (2.11.3)
      diff-lcs (~> 1.1.3)
    rspec-mocks (2.11.3)
    simplecov (0.6.4)
      multi_json (~> 1.0)
      simplecov-html (~> 0.5.3)
    simplecov-html (0.5.3)
    trollop (2.0)
    yard (0.8.2.1)

PLATFORMS
  ruby

DEPENDENCIES
  anemone (~> 0.7.2)
  colorize (~> 0.5.8)
  debugger
  fakeweb (~> 1.3.0)
  jeweler (~> 1.8.4)
  nokogiri (~> 1.5.5)
  redcarpet (~> 2.1.1)
  rspec (~> 2.11.0)
  simplecov (~> 0.6.4)
  trollop (~> 2.0)
  yard (~> 0.8.2.1)
